GEM
  remote: https://rubygems.org/
  specs:
    airbrussh (1.3.0)
      sshkit (>= 1.6.1, != 1.7.0)
    capistrano (3.9.1)
      airbrussh (>= 1.0.0)
      i18n
      rake (>= 10.0.0)
      sshkit (>= 1.9.0)
    capistrano-bower (1.1.0)
      capistrano (~> 3.0)
    capistrano-bundler (1.3.0)
      capistrano (~> 3.1)
      sshkit (~> 1.2)
    capistrano-composer (0.0.6)
      capistrano (>= 3.0.0.pre)
    capistrano-file-permissions (1.0.0)
      capistrano (~> 3.0)
    capistrano-gulp (0.0.2)
      capistrano (~> 3.0)
    capistrano-laravel (1.2.1)
      capistrano (~> 3.0)
      capistrano-composer (~> 0.0.6)
      capistrano-file-permissions (~> 1.0)
    capistrano-npm (1.0.2)
      capistrano (>= 3.0.0)
    capistrano-yarn (2.0.2)
      capistrano (~> 3.0)
    dotenv (2.2.1)
    ffi (1.9.18)
    highline (1.7.8)
    i18n (0.8.6)
    net-scp (1.2.1)
      net-ssh (>= 2.6.5)
    net-ssh (4.2.0)
    rake (12.1.0)
    rb-fsevent (0.10.2)
    rb-inotify (0.9.10)
      ffi (>= 0.5.0, < 2)
    sass (3.5.2)
      sass-listen (~> 4.0.0)
    sass-listen (4.0.0)
      rb-fsevent (~> 0.9, >= 0.9.4)
      rb-inotify (~> 0.9, >= 0.9.7)
    sshkit (1.14.0)
      net-scp (>= 1.1.2)
      net-ssh (>= 2.8.0)

PLATFORMS
  ruby

DEPENDENCIES
  capistrano
  capistrano-bower
  capistrano-bundler
  capistrano-composer
  capistrano-gulp
  capistrano-laravel
  capistrano-npm
  capistrano-yarn
  dotenv
  highline
  sass

BUNDLED WITH
   1.15.4
